GEM
  remote: https://rubygems.org/
  specs:
    eventmachine (1.0.3)
    faye-websocket (0.7.0)
      eventmachine (>= 0.12.0)
      websocket-driver (>= 0.3.0)
    hashie (2.0.5)
    json (1.8.1)
    websocket-driver (0.3.0)

PLATFORMS
  ruby

DEPENDENCIES
  eventmachine
  faye-websocket
  hashie
  json
